GIT
  remote: git://github.com/opal/opal.git
  revision: 4a33888d2ec71e0651b56f5a07456e32a8524269
  specs:
    opal (0.3.44)
      racc
      rake
      source_map
      sprockets

GIT
  remote: git@github.com:fkchang/opal-jquery.git
  revision: 117a3966bd8a11598a1ae9382648ba6c2617aea4
  specs:
    opal-jquery (0.0.8)
      opal (>= 0.3.43)

GEM
  remote: https://rubygems.org/
  specs:
    coderay (1.0.9)
    ffi (1.0.11)
    formatador (0.2.4)
    guard (1.8.0)
      formatador (>= 0.2.4)
      listen (>= 1.0.0)
      lumberjack (>= 1.0.2)
      pry (>= 0.9.10)
      thor (>= 0.14.6)
    guard-process (1.0.5)
      ffi (~> 1.0.9)
      guard (>= 0.4.2)
      spoon (~> 0.0.1)
    hike (1.2.3)
    json (1.8.0)
    listen (1.2.0)
      rb-fsevent (>= 0.9.3)
      rb-inotify (>= 0.9)
      rb-kqueue (>= 0.2)
    lumberjack (1.0.3)
    method_source (0.8.1)
    multi_json (1.7.6)
    opal-spec (0.2.16)
    pry (0.9.12.2)
      coderay (~> 1.0.5)
      method_source (~> 0.8)
      slop (~> 3.4)
    racc (1.4.9)
    rack (1.5.2)
    rake (10.0.4)
    rb-fsevent (0.9.3)
    rb-inotify (0.9.0)
      ffi (>= 0.5.0)
    rb-kqueue (0.2.0)
      ffi (>= 0.5.0)
    slop (3.4.5)
    source_map (3.0.1)
      json
    spoon (0.0.4)
      ffi
    sprockets (2.10.0)
      hike (~> 1.2)
      multi_json (~> 1.0)
      rack (~> 1.0)
      tilt (~> 1.1, != 1.3.0)
    thor (0.18.1)
    tilt (1.4.1)

PLATFORMS
  ruby

DEPENDENCIES
  guard
  guard-process
  opal!
  opal-jquery!
  opal-spec
  rake
  rb-fsevent
